PATH
  remote: .
  specs:
    webmachine-routeinfo (0.1.0)
      webmachine (>= 1.0.0)

GEM
  remote: http://rubygems.org/
  specs:
    concurrent-ruby (1.1.5)
    diff-lcs (1.1.3)
    i18n (1.7.0)
      concurrent-ruby (~> 1.0)
    multi_json (1.3.6)
    rake (0.9.2.2)
    rspec (2.8.0)
      rspec-core (~> 2.8.0)
      rspec-expectations (~> 2.8.0)
      rspec-mocks (~> 2.8.0)
    rspec-core (2.8.0)
    rspec-expectations (2.8.0)
      diff-lcs (~> 1.1.2)
    rspec-mocks (2.8.0)
    webmachine (1.0.0)
      i18n (>= 0.4.0)
      multi_json

PLATFORMS
  ruby
  x86-mingw32

DEPENDENCIES
  bundler
  rake
  rspec (~> 2.8.0)
  webmachine-routeinfo!
